GEM
  remote: http://rubygems.org/
  specs:
    haml (3.1.2)
    mustache (0.99.4)
    rack (1.3.0)
    sass (3.1.4)
    sinatra (1.2.6)
      rack (~> 1.1)
      tilt (< 2.0, >= 1.2.2)
    tilt (1.3.2)

PLATFORMS
  ruby

DEPENDENCIES
  haml
  mustache
  sass
  sinatra
  tilt
